GEM
  remote: https://rubygems.org/
  specs:
    bones (3.8.0)
      little-plugger (~> 1.1.3)
      loquacious (~> 1.9.1)
      rake (>= 0.8.7)
    little-plugger (1.1.3)
    loquacious (1.9.1)
    rake (0.9.2.2)
    rspec (1.3.0)

PLATFORMS
  java

DEPENDENCIES
  bones
  rspec (= 1.3)
